GEM
  remote: https://rubygems.org/
  specs:
    addressable (2.7.0)
      public_suffix (>= 2.0.2, < 5.0)
    mini_portile2 (2.4.0)
    minitest (5.14.0)
    minitest-rg (5.2.0)
      minitest (~> 5.0)
    multi_json (1.14.1)
    mustermann (1.1.1)
      ruby2_keywords (~> 0.0.1)
    nio4r (2.5.7)
    nokogiri (1.10.8)
      mini_portile2 (~> 2.4.0)
    public_suffix (4.0.3)
    puma (4.3.8)
      nio4r (~> 2.0)
    pygments.rb (1.2.1)
      multi_json (>= 1.0.0)
    rack (2.2.2)
    rack-canonical-host (0.2.3)
      addressable (> 0, < 3)
      rack (>= 1.0.0, < 3)
    rack-protection (2.0.8.1)
      rack
    rack-test (1.1.0)
      rack (>= 1.0, < 3)
    rake (13.0.1)
    redcarpet (3.5.0)
    ruby2_keywords (0.0.2)
    shotgun (0.9.2)
      rack (>= 1.0)
    sinatra (2.0.8.1)
      mustermann (~> 1.0)
      rack (~> 2.0)
      rack-protection (= 2.0.8.1)
      tilt (~> 2.0)
    tilt (2.0.10)
    unmarkdown (0.2.0)
      nokogiri (~> 1.0)

PLATFORMS
  ruby

DEPENDENCIES
  minitest
  minitest-rg
  puma
  pygments.rb
  rack-canonical-host
  rack-test
  rake
  redcarpet
  shotgun
  sinatra
  unmarkdown

RUBY VERSION
   ruby 2.7.0p0

BUNDLED WITH
   2.1.4
