GEM
  remote: https://rubygems.org/
  specs:
    addressable (2.7.0)
      public_suffix (>= 2.0.2, < 5.0)
    coffee-script (2.4.1)
      coffee-script-source
      execjs
    coffee-script-source (1.12.2)
    concurrent-ruby (1.1.5)
    execjs (2.7.0)
    ffi (1.11.1)
    mini_portile2 (2.4.0)
    minitest (5.13.0)
    minitest-rg (5.2.0)
      minitest (~> 5.0)
    multi_json (1.14.1)
    mustermann (1.0.3)
    nio4r (2.5.2)
    nokogiri (1.10.5)
      mini_portile2 (~> 2.4.0)
    public_suffix (4.0.1)
    puma (4.2.1)
      nio4r (~> 2.0)
    pygments.rb (1.2.1)
      multi_json (>= 1.0.0)
    rack (2.0.7)
    rack-canonical-host (0.2.3)
      addressable (> 0, < 3)
      rack (>= 1.0.0, < 3)
    rack-protection (2.0.7)
      rack
    rack-test (1.1.0)
      rack (>= 1.0, < 3)
    rake (13.0.0)
    rb-fsevent (0.10.3)
    rb-inotify (0.10.0)
      ffi (~> 1.0)
    redcarpet (3.5.0)
    sass (3.7.4)
      sass-listen (~> 4.0.0)
    sass-listen (4.0.0)
      rb-fsevent (~> 0.9, >= 0.9.4)
      rb-inotify (~> 0.9, >= 0.9.7)
    shotgun (0.9.2)
      rack (>= 1.0)
    sinatra (2.0.7)
      mustermann (~> 1.0)
      rack (~> 2.0)
      rack-protection (= 2.0.7)
      tilt (~> 2.0)
    sprockets (3.7.2)
      concurrent-ruby (~> 1.0)
      rack (> 1, < 3)
    sprockets-sass (2.0.0.beta2)
      sprockets (>= 2.0, < 4.0)
    tilt (2.0.10)
    uglifier (4.2.0)
      execjs (>= 0.3.0, < 3)
    unmarkdown (0.1.2)
      nokogiri (~> 1.0)

PLATFORMS
  ruby

DEPENDENCIES
  coffee-script
  minitest
  minitest-rg
  puma
  pygments.rb
  rack-canonical-host
  rack-test
  rake
  redcarpet
  sass
  shotgun
  sinatra
  sprockets
  sprockets-sass
  uglifier
  unmarkdown

RUBY VERSION
   ruby 2.6.5p114

BUNDLED WITH
   1.17.2
